GEM
  remote: https://rubygems.org/
  specs:
    activemodel (6.0.1)
      activesupport (= 6.0.1)
    activesupport (6.0.1)
      concurrent-ruby (~> 1.0, >= 1.0.2)
      i18n (>= 0.7, < 2)
      minitest (~> 5.1)
      tzinfo (~> 1.1)
      zeitwerk (~> 2.2)
    addressable (2.7.0)
      public_suffix (>= 2.0.2, < 5.0)
    concurrent-ruby (1.1.5)
    dotenv (2.7.5)
    ethon (0.12.0)
      ffi (>= 1.3.0)
    faraday (0.9.2)
      multipart-post (>= 1.2, < 3)
    ffi (1.11.1)
    i18n (1.7.0)
      concurrent-ruby (~> 1.0)
    json (2.2.0)
    json-schema (2.8.1)
      addressable (>= 2.4)
    mail (2.7.1)
      mini_mime (>= 0.1.1)
    mime-types (3.3)
      mime-types-data (~> 3.2015)
    mime-types-data (3.2019.1009)
    mini_mime (1.0.2)
    minitest (5.13.0)
    multipart-post (2.1.1)
    public_suffix (4.0.1)
    require_all (3.0.0)
    ruby-boolean (1.3.4)
    thread_safe (0.3.6)
    typhoeus (1.3.1)
      ethon (>= 0.9.0)
    tzinfo (1.2.5)
      thread_safe (~> 0.1)
    validates_type (2.1.0)
      activemodel (>= 3.0.0)
      ruby-boolean (~> 1.0)
    washbullet (0.4.0)
      faraday (~> 0.9.0)
      mime-types
    ynab (1.15.0)
      json (~> 2.1, >= 2.1.0)
      typhoeus (~> 1.0, >= 1.0.1)
    zeitwerk (2.2.1)

PLATFORMS
  ruby

DEPENDENCIES
  activemodel
  activesupport
  dotenv
  json-schema
  mail
  require_all
  validates_type
  washbullet
  ynab

BUNDLED WITH
   2.0.2
